GIT
  remote: git://github.com/nathanaeljones/nesta-plugin-aliases.git
  revision: 19af42b4d426fb681792b8b28285a6b6715d82ec
  specs:
    nesta-plugin-aliases (0.0.3)
      nesta (>= 0.9.11)

GIT
  remote: git://github.com/nathanaeljones/nesta-plugin-simplicity.git
  revision: 54c08d18cc7a76b40059d1e423085b28142b2865
  specs:
    nesta-plugin-simplicity (0.0.1)
      nesta (>= 0.9.11)

GIT
  remote: git://github.com/nathanaeljones/nesta-plugin-tags.git
  revision: f853e1a1e77c0f32f790c4fc0c5cba1648a20c08
  specs:
    nesta-plugin-tags (0.0.2)
      nesta (>= 0.9.11)

GIT
  remote: git://github.com/nathanaeljones/nesta.git
  revision: ac1687620637fb3dda601f786af6b3ccf31bb0d0
  specs:
    nesta (0.9.11)
      RedCloth (~> 4.2)
      haml (~> 3.1)
      rdiscount (~> 1.6)
      sass (~> 3.1)
      shotgun (>= 0.8)
      sinatra (= 1.2.6)

GEM
  remote: http://rubygems.org/
  specs:
    RedCloth (4.2.9)
    backports (2.5.3)
    erubis (2.7.0)
    haml (3.1.5)
    haml-edge (3.1.79)
    monkey-lib (0.5.4)
      backports
    rack (1.4.1)
    rdiscount (1.6.8)
    sass (3.1.17)
    shotgun (0.9)
      rack (>= 1.0)
    sinatra (1.2.6)
      rack (~> 1.1)
      tilt (>= 1.2.2, < 2.0)
    sinatra-advanced-routes (0.5.1)
      monkey-lib (~> 0.5.0)
      sinatra (~> 1.0)
      sinatra-sugar (~> 0.5.0)
    sinatra-reloader (0.5.0)
      sinatra (~> 1.0)
      sinatra-advanced-routes (~> 0.5.0)
    sinatra-sugar (0.5.1)
      monkey-lib (~> 0.5.0)
      sinatra (~> 1.0)
    tilt (1.3.3)

PLATFORMS
  ruby

DEPENDENCIES
  erubis
  haml-edge
  nesta!
  nesta-plugin-aliases!
  nesta-plugin-simplicity!
  nesta-plugin-tags!
  sinatra-reloader
