GIT
  remote: git://github.com/alexch/rerun.git
  revision: 31d6a11b5269006d2bbb868af0271e3538ac6dd6
  specs:
    rerun (0.8.0)
      listen

GIT
  remote: git://github.com/nathanaeljones/hardwired.git
  revision: 672218e25a6db898cdc64b99897039c0db70c682
  specs:
    hardwired (0.3.2)
      nokogiri
      sinatra (>= 1.3.3)
      tilt

GIT
  remote: git://github.com/nathanaeljones/link-checker.git
  revision: 68417233c943d5ae985ce92a31cba09da9634c79
  specs:
    link-checker (0.7.2)
      anemone (~> 0.7.2)
      colorize (~> 0.5.8)
      nokogiri (~> 1.5.5)
      trollop (~> 2.0)

GIT
  remote: git://github.com/populr/less.rb.git
  revision: 2e451e3d96eaf1361fd8f47ffe2adf67443debc8
  branch: v2.2.2-less1.3.3
  submodules: true
  specs:
    less (2.2.2)
      commonjs (~> 0.2.6)

GIT
  remote: git://github.com/slim-template/slim.git
  revision: 08c124b925c7f764690fb16e98460a449ad16324
  specs:
    slim (2.0.0.pre.6)
      temple (~> 0.6.2)
      tilt (~> 1.3.3)

GEM
  remote: http://rubygems.org/
  specs:
    POpen4 (0.1.4)
      Platform (>= 0.4.0)
      open4
    Platform (0.4.0)
    anemone (0.7.2)
      nokogiri (>= 1.3.0)
      robotex (>= 1.0.0)
    colorize (0.5.8)
    columnize (0.3.6)
    commonjs (0.2.6)
    daemons (1.1.9)
    debugger (1.4.0)
      columnize (>= 0.3.1)
      debugger-linecache (~> 1.1.1)
      debugger-ruby_core_source (~> 1.2.0)
    debugger-linecache (1.1.2)
      debugger-ruby_core_source (>= 1.1.1)
    debugger-ruby_core_source (1.2.0)
    erubis (2.7.0)
    eventmachine (1.0.3)
    honeybadger (1.6.0)
      json
    json (1.7.7)
    libv8 (3.11.8.13)
    listen (0.7.3)
    nokogiri (1.5.6)
    open4 (1.3.0)
    perftools.rb (2.0.0)
    rack (1.5.2)
    rack-cache (1.2)
      rack (>= 0.4)
    rack-perftools_profiler (0.6.0)
      open4 (~> 1.0)
      perftools.rb (~> 2.0.0)
      rack (~> 1.0)
    rack-protection (1.5.0)
      rack
    rack-test (0.6.2)
      rack (>= 1.0)
    rb-fsevent (0.9.3)
    rdiscount (2.0.7.1)
    ref (1.0.2)
    robotex (1.0.0)
    sass (3.2.7)
    shotgun (0.9)
      rack (>= 1.0)
    sinatra (1.3.5)
      rack (~> 1.4)
      rack-protection (~> 1.3)
      tilt (~> 1.3, >= 1.3.3)
    temple (0.6.2)
    therubyracer (0.11.4)
      libv8 (~> 3.11.8.12)
      ref
    thin (1.5.0)
      daemons (>= 1.0.9)
      eventmachine (>= 0.12.6)
      rack (>= 1.0.0)
    tilt (1.3.5)
    trollop (2.0)
    yui-compressor (0.9.6)
      POpen4 (>= 0.1.4)

PLATFORMS
  ruby

DEPENDENCIES
  debugger
  erubis
  hardwired!
  honeybadger
  less!
  link-checker!
  perftools.rb
  rack-cache
  rack-perftools_profiler
  rack-test
  rb-fsevent
  rdiscount
  rerun!
  sass
  shotgun
  slim!
  therubyracer
  thin
  yui-compressor
