GIT
  remote: git://github.com/nathanaeljones/hardwired.git
  revision: 8b9a5945058ac5f79e2f57c11c08f1e9b98729ee
  specs:
    hardwired (0.3.1)
      nokogiri
      sinatra (>= 1.3.3)
      tilt

GEM
  remote: http://rubygems.org/
  specs:
    activesupport (3.2.11)
      i18n (~> 0.6)
      multi_json (~> 1.0)
    columnize (0.3.6)
    daemons (1.1.9)
    debugger (1.2.4)
      columnize (>= 0.3.1)
      debugger-linecache (~> 1.1.1)
      debugger-ruby_core_source (~> 1.1.7)
    debugger-linecache (1.1.2)
      debugger-ruby_core_source (>= 1.1.1)
    debugger-ruby_core_source (1.1.7)
    erubis (2.7.0)
    eventmachine (1.0.0)
    honeybadger (1.5.0)
      activesupport
      json
    i18n (0.6.1)
    json (1.7.6)
    listen (0.7.2)
    multi_json (1.5.0)
    nokogiri (1.5.6)
    rack (1.5.0)
    rack-cache (1.2)
      rack (>= 0.4)
    rack-protection (1.3.2)
      rack
    rb-fsevent (0.9.3)
    rdiscount (1.6.8)
    rerun (0.7.1)
      listen
    shotgun (0.9)
      rack (>= 1.0)
    sinatra (1.3.3)
      rack (~> 1.3, >= 1.3.6)
      rack-protection (~> 1.2)
      tilt (~> 1.3, >= 1.3.3)
    slim (1.3.6)
      temple (~> 0.5.5)
      tilt (~> 1.3.3)
    temple (0.5.5)
    thin (1.5.0)
      daemons (>= 1.0.9)
      eventmachine (>= 0.12.6)
      rack (>= 1.0.0)
    tilt (1.3.3)

PLATFORMS
  ruby

DEPENDENCIES
  debugger
  erubis
  hardwired!
  honeybadger
  rack-cache
  rb-fsevent
  rdiscount
  rerun
  shotgun
  slim
  thin
