GIT
  remote: git://github.com/tenderlove/nokogiri.git
  revision: 17de464d63c9571cdc6f5f6ffce88d56683774fa
  specs:

PATH
  remote: ../nesta
  specs:
    nesta (0.9.7)
      RedCloth (~> 4.2)
      haml (~> 3.1)
      maruku (>= 0.6.0)
      sass (~> 3.1)
      shotgun (>= 0.8)
      sinatra (= 1.1.2)

GEM
  remote: http://rubygems.org/
  specs:
    RedCloth (4.2.8)
    backports (2.3.0)
    erubis (2.7.0)
    haml (3.1.2)
    haml-edge (3.1.79)
    maruku (0.6.0)
      syntax (>= 1.0.0)
    monkey-lib (0.5.4)
      backports
    rack (1.3.2)
    sass (3.1.7)
    shotgun (0.9)
      rack (>= 1.0)
    sinatra (1.1.2)
      rack (~> 1.1)
      tilt (~> 1.2)
    sinatra-advanced-routes (0.5.1)
      monkey-lib (~> 0.5.0)
      sinatra (~> 1.0)
      sinatra-sugar (~> 0.5.0)
    sinatra-reloader (0.5.0)
      sinatra (~> 1.0)
      sinatra-advanced-routes (~> 0.5.0)
    sinatra-sugar (0.5.1)
      monkey-lib (~> 0.5.0)
      sinatra (~> 1.0)
    syntax (1.0.0)
    tilt (1.3.2)

PLATFORMS
  ruby

DEPENDENCIES
  erubis
  haml-edge
  nesta!
  sinatra-reloader
