PATH
  remote: vendor/nesta
  specs:
    nesta (0.9.4)
      RedCloth (~> 4.2)
      haml (~> 3.0)
      maruku (>= 0.6.0)
      shotgun (>= 0.8)
      sinatra (= 1.1.2)

GEM
  remote: http://rubygems.org/
  specs:
    RedCloth (4.2.7)
    backports (2.1.0)
    erubis (2.7.0)
    haml (3.0.25)
    haml-edge (3.1.79)
    maruku (0.6.0)
      syntax (>= 1.0.0)
    monkey-lib (0.5.4)
      backports
    rack (1.2.2)
    shotgun (0.9)
      rack (>= 1.0)
    sinatra (1.1.2)
      rack (~> 1.1)
      tilt (~> 1.2)
    sinatra-advanced-routes (0.5.1)
      monkey-lib (~> 0.5.0)
      sinatra (~> 1.0)
      sinatra-sugar (~> 0.5.0)
    sinatra-reloader (0.5.0)
      sinatra (~> 1.0)
      sinatra-advanced-routes (~> 0.5.0)
    sinatra-sugar (0.5.0)
      monkey-lib (~> 0.5.0)
      sinatra (~> 1.0)
    syntax (1.0.0)
    tilt (1.2.2)

PLATFORMS
  ruby

DEPENDENCIES
  erubis
  haml-edge
  nesta!
  sinatra-reloader
